PATH
  remote: .
  specs:
    deployto (0.9.1)
      addressable
      heroku
      highline
      inifile (>= 0.4.1)
      json_pure
      multipart-post
      zip

GEM
  remote: http://rubygems.org/
  specs:
    addressable (2.2.6)
    diff-lcs (1.1.2)
    heroku (2.4.0)
      launchy (>= 0.3.2)
      rest-client (~> 1.6.1)
      term-ansicolor (~> 1.0.5)
    highline (1.6.2)
    inifile (0.4.1)
    json_pure (1.5.1)
    launchy (2.0.5)
      addressable (~> 2.2.6)
    mime-types (1.16)
    multipart-post (1.1.3)
    rake (0.9.2)
    rest-client (1.6.3)
      mime-types (>= 1.16)
    rr (1.0.2)
    rspec (2.6.0)
      rspec-core (~> 2.6.0)
      rspec-expectations (~> 2.6.0)
      rspec-mocks (~> 2.6.0)
    rspec-core (2.6.0)
    rspec-expectations (2.6.0)
      diff-lcs (~> 1.1.2)
    rspec-mocks (2.6.0)
    term-ansicolor (1.0.6)
    zip (2.0.2)

PLATFORMS
  ruby

DEPENDENCIES
  deployto!
  rake (>= 0.8.7)
  rr
  rspec (>= 2.0)
